GIT
  remote: git@github.com:/forforf/rgl.git
  revision: febb818f754637813144556b651f1167bf3e8363
  specs:
    forforf-rgl (0.5.0)
      stream (>= 0.5)

GEM
  remote: http://rubygems.org/
  specs:
    diff-lcs (1.1.2)
    git (1.2.5)
    jeweler (1.5.2)
      bundler (~> 1.0.0)
      git (>= 1.2.5)
      rake
    rake (0.8.7)
    rcov (0.9.9)
    rspec (2.3.0)
      rspec-core (~> 2.3.0)
      rspec-expectations (~> 2.3.0)
      rspec-mocks (~> 2.3.0)
    rspec-core (2.3.1)
    rspec-expectations (2.3.0)
      diff-lcs (~> 1.1.2)
    rspec-mocks (2.3.0)
    stream (0.5)

PLATFORMS
  ruby

DEPENDENCIES
  bundler (~> 1.0.0)
  forforf-rgl!
  jeweler (~> 1.5.2)
  rcov
  rspec (~> 2.3.0)
